{
	"Modality": "MR",
	"MagneticFieldStrength": 3,
	"ImagingFrequency": 127.742,
	"Manufacturer": "Philips",
	"ManufacturersModelName": "Ingenuity",
	"InstitutionName": "De-Identified",
	"InstitutionalDepartmentName": "De-Identified",
	"DeviceSerialNumber": "43013",
	"StationName": "Scanner_Console",
	"BodyPartExamined": "BRAIN",
	"PatientPosition": "HFS",
	"ProcedureStepDescription": "MRI_EPAD",
	"SoftwareVersions": "3.2.2_3.2.2.1",
	"MRAcquisitionType": "3D",
	"SeriesDescription": "3d_flair_SAG",
	"ProtocolName": "3d_flair_SAG_SENSE",
	"ScanningSequence": "IR",
	"SequenceVariant": "SK",
	"ScanOptions": "FS",
	"ImageType": ["ORIGINAL", "PRIMARY", "M", "IR", "M", "IR"],
	"SeriesNumber": 901,
	"AcquisitionTime": "15:02:49.460000",
	"AcquisitionNumber": 9,
	"PhilipsRWVSlope": 7.86227,
	"PhilipsRWVIntercept": 0,
	"PhilipsRescaleSlope": 7.86227,
	"PhilipsRescaleIntercept": 0,
	"PhilipsScaleSlope": 0.000188338,
	"UsePhilipsFloatNotDisplayScaling": 1,
	"SliceThickness": 1.12,
	"SpacingBetweenSlices": 0.56,
	"SAR": 0.0330725,
	"EchoTime": 0.278876,
	"RepetitionTime": 4.8,
	"InversionTime": 1.65,
	"FlipAngle": 90,
	"CoilString": "SENSE-Head-8",
	"PercentPhaseFOV": 100,
	"EchoTrainLength": 182,
	"PhaseEncodingSteps": 224,
	"AcquisitionMatrixPE": 224,
	"ReconMatrixPE": 240,
	"PixelBandwidth": 1260,
	"ImageOrientationPatientDICOM": [
		0,
		1,
		0,
		0,
		0,
		-1	],
	"InPlanePhaseEncodingDirectionDICOM": "ROW",
	"ConversionSoftware": "dcm2niix",
	"ConversionSoftwareVersion": "v1.0.20181125  (JP2:OpenJPEG) (JP-LS:CharLS) GCC5.5.0"
}
