{"Manufacturer":"Philips",
"ManufacturersModelName":"Ingenuity",
"DeviceSerialNumber":"43013",
"StationName":"Scanner_Console",
"SoftwareVersions":"3.2.2_3.2.2.1",
"MagneticFieldStrength":3,
"ScanningSequence":"IR",
"SequenceVariant":"SK",
"ScanOptions":"FS",
"MRAcquisitionType":"3D",
"EchoTime":0.278876,
"InversionTime":1.65,
"FlipAngle":90,
"InstitutionName":"De-Identified",
"InstitutionalDepartmentName":"De-Identified",
"RepetitionTime":4.8,
"CoilString":"SENSE-Head-8"}