{"Manufacturer":"Philips",
"ManufacturersModelName":"Ingenuity",
"DeviceSerialNumber":"43013",
"StationName":"Scanner_Console",
"SoftwareVersions":"3.2.2_3.2.2.1",
"MagneticFieldStrength":3,
"ScanningSequence":"GR",
"SequenceVariant":"MP",
"ScanOptions":"OTHER",
"MRAcquisitionType":"3D",
"EchoTime":0.003086,
"FlipAngle":9,
"InstitutionName":"De-Identified",
"InstitutionalDepartmentName":"De-Identified",
"RepetitionTime":0.0067654,
"CoilString":"SENSE-Head-8"}