{
	"Modality":"MR",
	"MagneticFieldStrength":3,
	"ImagingFrequency":127.744,
	"Manufacturer":"Philips",
	"ManufacturersModelName":"Ingenuity",
	"SoftwareVersions":"3.2.2_3.2.2.1",
	"MRAcquisitionType":"2D",
	"PulseSequenceDetails":"v3.2.2 Product Sequence",
	"ScanningSequence":"GR",
	"SequenceVariant":"SK",
	"ScanOptions":"FS",
	"ImageType":["ORIGINAL","PRIMARY","M","FFE","M","FFE"],
	"SeriesNumber":1901,
	"AcquisitionTime":[14,18,22,26,30,34,38,42,46],
	"AcquisitionNumber":19,
	"AcquisitionVoxelSize":[3.4,3.4,4.5],
	"SliceThickness":4.5,
	"SpacingBetweenSlices":4.5,
	"SAR":0.102452,
	"EchoTime":0.010487,
	"RepetitionTime":4.8,
	"FlipAngle":90,
	"CoilString":"SENSE-Head-8",
	"PartialFourier":0.435484,
	"PercentPhaseFOV":100,
	"EchoTrainLength":27,
	"PhaseEncodingSteps":62,
	"PostLabelingDelay":2.025,
	"AcquisitionMatrixPE":62,
	"ReconMatrixPE":64,
	"PixelBandwidth":3054,
	"PhaseEncodingDirection":"i",
	"ImageOrientationPatientDICOM":[0.988042,-0.143706,0.0558729,0.154183,0.918592,-0.363889],
	"InPlanePhaseEncodingDirectionDICOM":"COL",
	"ConversionSoftware":"dcm2niix",
	"ConversionSoftwareVersion":"v1.0.20181125  (JP2:OpenJPEG) (JP-LS:CharLS) GCC5.5.0",
	"M0Type":"Separate",
	"readout_dim":"2D",
	"bReproTesting":0,
	"VascularCrushing":false,
	"BackgroundSuppression":true,
	"BackgroundSuppressionPulseTime":[1.710,3.142],
	"BackgroundSuppressionNumberPulses":2,
	"ArterialSpinLabelingType":"PCASL",
	"LabelingDuration":1.650,
	"SliceTiming":[0.0,0.0437647,0.0875294,0.1312941,0.1750588,0.2188235,0.2625882,0.3063529,0.3501176,0.3938823,0.437647,0.4814117,0.5251764,0.5689411,0.6127058,0.6564705,0.7002352,0.7439999,0.7877646,0.8315293,0.875294,0.9190587,0.9628234,1.0065881,1.0503528,1.0941175,1.1378822,1.1816469,1.2254116,1.2691763,1.312941,1.3567057,1.4004704,1.4442351,1.4879998,1.5317645],
	"TotalAcquiredPairs": 30
}
